GIT
  remote: git://github.com/kern/minitest-reporters.git
  revision: aa20771d0e385acfbb223990529775cc9f1aff0b
  specs:
    minitest-reporters (1.1.3)
      ansi
      builder
      minitest (>= 5.0)
      ruby-progressbar

GEM
  remote: https://rubygems.org/
  specs:
    actionmailer (4.1.13)
      actionpack (= 4.1.13)
      actionview (= 4.1.13)
      mail (~> 2.5, >= 2.5.4)
    actionpack (4.1.13)
      actionview (= 4.1.13)
      activesupport (= 4.1.13)
      rack (~> 1.5.2)
      rack-test (~> 0.6.2)
    actionview (4.1.13)
      activesupport (= 4.1.13)
      builder (~> 3.1)
      erubis (~> 2.7.0)
    activemodel (4.1.13)
      activesupport (= 4.1.13)
      builder (~> 3.1)
    activerecord (4.1.13)
      activemodel (= 4.1.13)
      activesupport (= 4.1.13)
      arel (~> 5.0.0)
    activesupport (4.1.13)
      i18n (~> 0.6, >= 0.6.9)
      json (~> 1.7, >= 1.7.7)
      minitest (~> 5.1)
      thread_safe (~> 0.1)
      tzinfo (~> 1.1)
    ansi (1.5.0)
    arel (5.0.1.20140414130214)
    builder (3.2.2)
    bullet (4.14.9)
      activesupport (>= 3.0.0)
      uniform_notifier (~> 1.9.0)
    capybara (2.5.0)
      mime-types (>= 1.16)
      nokogiri (>= 1.3.3)
      rack (>= 1.0.0)
      rack-test (>= 0.5.4)
      xpath (~> 2.0)
    celluloid (0.16.0)
      timers (~> 4.0.0)
    choice (0.2.0)
    chronic (0.10.2)
    codeclimate-test-reporter (0.4.8)
      simplecov (>= 0.7.1, < 1.0.0)
    coffee-rails (4.0.1)
      coffee-script (>= 2.2.0)
      railties (>= 4.0.0, < 5.0)
    coffee-script (2.4.1)
      coffee-script-source
      execjs
    coffee-script-source (1.9.1.1)
    daemons (1.2.3)
    dalli (2.7.4)
    docile (1.1.5)
    dotenv (2.0.2)
    dotenv-rails (2.0.2)
      dotenv (= 2.0.2)
      railties (~> 4.0)
    erubis (2.7.0)
    eventmachine (1.0.8)
    execjs (2.6.0)
    fast_blank (1.0.0)
    foreman (0.78.0)
      thor (~> 0.19.1)
    get_process_mem (0.2.0)
    heroku-deflater (0.5.3)
      rack (>= 1.4.5)
    hike (1.2.3)
    hitimes (1.2.3)
    i18n (0.7.0)
    jbuilder (2.3.2)
      activesupport (>= 3.0.0, < 5)
      multi_json (~> 1.2)
    jquery-rails (3.1.4)
      railties (>= 3.0, < 5.0)
      thor (>= 0.14, < 2.0)
    jquery-ui-rails (5.0.5)
      railties (>= 3.2.16)
    json (1.8.3)
    kgio (2.10.0)
    mail (2.6.3)
      mime-types (>= 1.16, < 3)
    metaclass (0.0.4)
    mime-types (2.6.2)
    mini_portile (0.6.2)
    minitest (5.8.1)
    minitest-capybara (0.7.2)
      capybara (~> 2.2)
      minitest (~> 5.0)
      rake
    minitest-metadata (0.5.3)
      minitest (>= 4.7, < 6.0)
    minitest-rails (2.2.0)
      minitest (~> 5.7)
      railties (~> 4.1)
    minitest-rails-capybara (2.1.1)
      capybara (~> 2.0)
      minitest-capybara (~> 0.7.0)
      minitest-metadata (~> 0.5.0)
      minitest-rails (~> 2.1)
    mocha (1.1.0)
      metaclass (~> 0.0.1)
    multi_json (1.11.2)
    newrelic_rpm (3.13.2.302)
    nokogiri (1.6.6.2)
      mini_portile (~> 0.6.0)
    oj (2.12.14)
    oj_mimic_json (1.0.1)
    pg (0.18.3)
    quiet_assets (1.1.0)
      railties (>= 3.1, < 5.0)
    rack (1.5.5)
    rack-test (0.6.3)
      rack (>= 1.0)
    rails (4.1.13)
      actionmailer (= 4.1.13)
      actionpack (= 4.1.13)
      actionview (= 4.1.13)
      activemodel (= 4.1.13)
      activerecord (= 4.1.13)
      activesupport (= 4.1.13)
      bundler (>= 1.3.0, < 2.0)
      railties (= 4.1.13)
      sprockets-rails (~> 2.0)
    rails-erd (1.4.3)
      activerecord (>= 3.2)
      activesupport (>= 3.2)
      choice (~> 0.2.0)
      ruby-graphviz (~> 1.2)
    rails_12factor (0.0.3)
      rails_serve_static_assets
      rails_stdout_logging
    rails_serve_static_assets (0.0.4)
    rails_stdout_logging (0.0.4)
    railties (4.1.13)
      actionpack (= 4.1.13)
      activesupport (= 4.1.13)
      rake (>= 0.8.7)
      thor (>= 0.18.1, < 2.0)
    raindrops (0.15.0)
    rake (10.4.2)
    rdoc (4.2.0)
    rollbar (2.4.0)
      multi_json
    ruby-graphviz (1.2.2)
    ruby-progressbar (1.7.5)
    sass (3.2.19)
    sass-rails (4.0.5)
      railties (>= 4.0.0, < 5.0)
      sass (~> 3.2.2)
      sprockets (~> 2.8, < 3.0)
      sprockets-rails (~> 2.0)
    sdoc (0.4.1)
      json (~> 1.7, >= 1.7.7)
      rdoc (~> 4.0)
    simplecov (0.10.0)
      docile (~> 1.1.0)
      json (~> 1.8)
      simplecov-html (~> 0.10.0)
    simplecov-html (0.10.0)
    slack-notifier (1.3.1)
    spring (1.4.0)
    sprockets (2.12.4)
      hike (~> 1.2)
      multi_json (~> 1.0)
      rack (~> 1.0)
      tilt (~> 1.1, != 1.3.0)
    sprockets-rails (2.3.3)
      actionpack (>= 3.0)
      activesupport (>= 3.0)
      sprockets (>= 2.8, < 4.0)
    sucker_punch (1.5.1)
      celluloid (= 0.16.0)
    thin (1.6.4)
      daemons (~> 1.0, >= 1.0.9)
      eventmachine (~> 1.0, >= 1.0.4)
      rack (~> 1.0)
    thor (0.19.1)
    thread_safe (0.3.5)
    tilt (1.4.1)
    timers (4.0.4)
      hitimes
    tzinfo (1.2.2)
      thread_safe (~> 0.1)
    uglifier (2.7.2)
      execjs (>= 0.3.0)
      json (>= 1.8.0)
    unicorn (4.9.0)
      kgio (~> 2.6)
      rack
      raindrops (~> 0.7)
    unicorn-worker-killer (0.4.3)
      get_process_mem (~> 0)
      unicorn (~> 4)
    uniform_notifier (1.9.0)
    xpath (2.0.0)
      nokogiri (~> 1.3)

PLATFORMS
  ruby

DEPENDENCIES
  bullet
  chronic
  codeclimate-test-reporter
  coffee-rails (~> 4.0.0)
  dalli
  dotenv-rails
  fast_blank
  foreman
  heroku-deflater
  jbuilder (~> 2.0)
  jquery-rails
  jquery-ui-rails
  mime-types (~> 2.6.1)
  minitest-rails
  minitest-rails-capybara
  minitest-reporters!
  mocha
  newrelic_rpm
  oj
  oj_mimic_json
  pg
  quiet_assets
  rails (~> 4.1.0)
  rails-erd
  rails_12factor
  rollbar
  sass-rails (~> 4.0.3)
  sdoc (~> 0.4.0)
  slack-notifier
  spring
  sucker_punch (~> 1.0)
  thin
  uglifier (>= 1.3.0)
  unicorn
  unicorn-worker-killer

BUNDLED WITH
   1.10.6
